GIT
  remote: https://github.com/nightsailer/padrino-sprockets.git
  revision: 38c53c8b129b9f1067613b15ade9a26ebc258df3
  specs:
    padrino-sprockets (0.0.1)
      sprockets

GEM
  remote: http://rubygems.org/
  specs:
    backports (2.6.1)
    coffee-script (2.2.0)
      coffee-script-source
      execjs
    coffee-script-source (1.3.3)
    eventmachine (0.12.10)
    execjs (1.4.0)
      multi_json (~> 1.0)
    haml (3.1.6)
    hike (1.2.1)
    multi_json (1.3.6)
    rack (1.4.1)
    rack-protection (1.2.0)
      rack
    rack-test (0.6.1)
      rack (>= 1.0)
    sinatra (1.3.2)
      rack (~> 1.3, >= 1.3.6)
      rack-protection (~> 1.2)
      tilt (~> 1.3, >= 1.3.3)
    sinatra-contrib (1.3.1)
      backports (>= 2.0)
      eventmachine
      rack-protection
      rack-test
      sinatra (~> 1.3.0)
      tilt (~> 1.3)
    sprockets (2.4.5)
      hike (~> 1.2)
      multi_json (~> 1.0)
      rack (~> 1.0)
      tilt (~> 1.1, != 1.3.0)
    tilt (1.3.3)

PLATFORMS
  ruby

DEPENDENCIES
  coffee-script
  haml
  padrino-sprockets!
  sinatra
  sinatra-contrib
  sprockets (~> 2.0)
